GEM
  remote: https://rubygems.org/
  specs:
    graphql (2.0.5)
    nio4r (2.5.8)
    puma (5.6.4)
      nio4r (~> 2.0)
    rack (2.2.3)
    roda (3.54.0)
      rack

PLATFORMS
  x86_64-linux

DEPENDENCIES
  graphql
  puma
  roda

BUNDLED WITH
   2.2.5
