GEM
  remote: https://rubygems.org/
  specs:
    graphql (2.0.5)
    nio4r (2.5.8)
    puma (5.6.4)
      nio4r (~> 2.0)
    rack (2.2.3)

PLATFORMS
  x86_64-linux

DEPENDENCIES
  graphql (~> 2.0)
  puma (~> 5.6)
  rack (~> 2.2)

BUNDLED WITH
   2.3.3
